GEM
  remote: http://rubygems.org/
  specs:
    decc_2050_model (0.0.8)
      ffi (>= 1.0.11)
    execjs (1.4.0)
      multi_json (~> 1.0)
    ffi (1.1.0)
    haml (3.1.6)
    hike (1.2.1)
    json (1.7.4)
    multi_json (1.3.6)
    rack (1.4.1)
    rack-protection (1.2.0)
      rack
    sass (3.1.19)
    sinatra (1.3.2)
      rack (~> 1.3, >= 1.3.6)
      rack-protection (~> 1.2)
      tilt (~> 1.3, >= 1.3.3)
    sprockets (2.4.0)
      hike (~> 1.2)
      multi_json (~> 1.0)
      rack (~> 1.0)
      tilt (~> 1.1, != 1.3.0)
    tilt (1.3.3)
    uglifier (1.2.4)
      execjs (>= 0.3.0)
      multi_json (>= 1.0.2)

PLATFORMS
  ruby

DEPENDENCIES
  decc_2050_model (>= 0.0.7)
  ffi
  haml
  json
  sass
  sinatra
  sprockets
  uglifier
