GEM
  remote: http://rubygems.org/
  specs:
    coffee-script (2.2.0)
      coffee-script-source
      execjs
    coffee-script-source (1.6.2)
    decc_2050_model (3.4.7)
      ffi (>= 1.0.11)
    execjs (1.4.0)
      multi_json (~> 1.0)
    ffi (1.8.1)
    haml (4.0.3)
      tilt
    hike (1.2.2)
    json (1.8.0)
    multi_json (1.7.4)
    rack (1.5.2)
    rack-protection (1.5.0)
      rack
    sass (3.2.9)
    sinatra (1.4.2)
      rack (~> 1.5, >= 1.5.2)
      rack-protection (~> 1.4)
      tilt (~> 1.3, >= 1.3.4)
    sprockets (2.10.0)
      hike (~> 1.2)
      multi_json (~> 1.0)
      rack (~> 1.0)
      tilt (~> 1.1, != 1.3.0)
    tilt (1.4.1)
    uglifier (2.1.1)
      execjs (>= 0.3.0)
      multi_json (~> 1.0, >= 1.0.2)

PLATFORMS
  ruby

DEPENDENCIES
  coffee-script
  decc_2050_model
  ffi
  haml
  json
  sass
  sinatra
  sprockets
  uglifier
