GEM
  remote: http://rubygems.org/
  specs:
    coffee-script (2.2.0)
      coffee-script-source
      execjs
    coffee-script-source (1.5.0)
    decc_2050_model (3.4.7)
      ffi (>= 1.0.11)
    execjs (1.4.0)
      multi_json (~> 1.0)
    ffi (1.4.0)
    haml (4.0.0)
      tilt
    hike (1.2.1)
    json (1.7.7)
    multi_json (1.6.1)
    rack (1.5.2)
    rack-protection (1.4.0)
      rack
    sass (3.2.6)
    sinatra (1.3.5)
      rack (~> 1.4)
      rack-protection (~> 1.3)
      tilt (~> 1.3, >= 1.3.3)
    sprockets (2.9.0)
      hike (~> 1.2)
      multi_json (~> 1.0)
      rack (~> 1.0)
      tilt (~> 1.1, != 1.3.0)
    tilt (1.3.4)
    uglifier (1.3.0)
      execjs (>= 0.3.0)
      multi_json (~> 1.0, >= 1.0.2)

PLATFORMS
  ruby

DEPENDENCIES
  coffee-script
  decc_2050_model
  ffi
  haml
  json
  sass
  sinatra
  sprockets
  uglifier
